GEM
  remote: http://rubygems.org/
  specs:
    addressable (2.3.2)
    haml (3.1.6)
    hpricot (0.8.6)
    rack (1.4.1)
    rack-canonical-host (0.0.8)
      addressable
      rack (~> 1.0)
    rack-protection (1.2.0)
      rack
    sass (3.2.0)
    sinatra (1.3.2)
      rack (~> 1.3, >= 1.3.6)
      rack-protection (~> 1.2)
      tilt (~> 1.3, >= 1.3.3)
    tilt (1.3.3)

PLATFORMS
  ruby

DEPENDENCIES
  haml
  hpricot
  rack-canonical-host
  sass
  sinatra
